PATH
  remote: .
  specs:
    wkhtmltopdf-binpath (0.12.2.1.pre.1)

GEM
  remote: https://rubygems.org/
  specs:
    minitest (5.8.3)
    rake (10.4.2)

PLATFORMS
  ruby

DEPENDENCIES
  bundler (~> 1.5)
  minitest
  rake
  wkhtmltopdf-binpath!

BUNDLED WITH
   1.11.2
